GEM
  remote: http://rubygems.org/
  specs:
    awesome_print (1.0.2)
    mustache (0.99.4)
    mysql2 (0.3.11)
    nokogiri (1.5.0)
    patron (0.4.16)
    rack (1.2.2)
    shotgun (0.9)
      rack (>= 1.0)
    sinatra (1.2.6)
      rack (~> 1.1)
      tilt (>= 1.2.2, < 2.0)
    sqlite3 (1.3.5)
    sqlite3-ruby (1.3.3)
      sqlite3 (>= 1.3.3)
    tilt (1.3)

PLATFORMS
  ruby

DEPENDENCIES
  awesome_print
  mustache
  mysql2
  nokogiri
  patron
  shotgun
  sinatra
  sqlite3-ruby
